PATH
  remote: ../clearwater
  specs:
    clearwater (1.0.0.beta5)
      bowser (~> 0.1.5)
      opal (~> 0.7)

PATH
  remote: ../opal
  specs:
    opal (0.10.0.beta2)
      hike (~> 1.2)
      sourcemap (~> 0.1.0)
      sprockets (~> 3.1)
      tilt (>= 1.4)

GEM
  remote: https://rubygems.org/
  specs:
    bowser (0.1.6)
      opal (>= 0.8.0, < 0.11.0)
    concurrent-ruby (1.0.1)
    grand_central (0.2.0)
      opal (~> 0.7)
    hike (1.2.3)
    rack (1.6.4)
    sourcemap (0.1.1)
    sprockets (3.6.0)
      concurrent-ruby (~> 1.0)
      rack (> 1, < 3)
    tilt (2.0.2)

PLATFORMS
  ruby

DEPENDENCIES
  clearwater!
  grand_central
  opal!

BUNDLED WITH
   1.11.2
